GEM
  remote: https://rubygems.org/
  specs:
    sqlite3 (1.6.0-x86_64-linux)

PLATFORMS
  ruby

DEPENDENCIES
  sqlite3 (~> 1.4)

BUNDLED WITH
   2.1.2
